GEM
  remote: http://rubygems.org/
  specs:
    activesupport (3.0.11)
    diff-lcs (1.1.3)
    domain_name (0.5.1)
      unf (~> 0.0.3)
    fakeweb (1.3.0)
    git (1.2.5)
    jeweler (1.6.4)
      bundler (~> 1.0)
      git (>= 1.2.5)
      rake
    mechanize (2.1)
      domain_name (~> 0.5, >= 0.5.1)
      net-http-digest_auth (~> 1.1, >= 1.1.1)
      net-http-persistent (~> 2.3, >= 2.3.2)
      nokogiri (~> 1.4)
      ntlm-http (~> 0.1, >= 0.1.1)
      webrobots (~> 0.0, >= 0.0.9)
    mime-types (1.17.2)
    net-http-digest_auth (1.2)
    net-http-persistent (2.3.3)
    nokogiri (1.5.0)
    ntlm-http (0.1.1)
    rake (0.9.2.2)
    rest-client (1.6.7)
      mime-types (>= 1.16)
    rspec (2.7.0)
      rspec-core (~> 2.7.0)
      rspec-expectations (~> 2.7.0)
      rspec-mocks (~> 2.7.0)
    rspec-core (2.7.1)
    rspec-expectations (2.7.0)
      diff-lcs (~> 1.1.2)
    rspec-mocks (2.7.0)
    unf (0.0.4)
      unf_ext
    unf_ext (0.0.4)
    vcr (2.0.0.rc1)
    webrobots (0.0.12)
      nokogiri (>= 1.4.4)
    yard (0.7.4)

PLATFORMS
  ruby

DEPENDENCIES
  activesupport
  bundler
  fakeweb
  jeweler
  mechanize
  rake
  rest-client
  rspec
  vcr (= 2.0.0.rc1)
  yard
